GEM
  remote: https://rubygems.org/
  specs:
    andand (1.3.3)
    coderay (1.0.9)
    coffee_short_get (0.2.0)
    facets (2.9.3)
    fattr (2.2.1)
    ffi (1.9.3)
    formatador (0.2.4)
    guard (1.8.3)
      formatador (>= 0.2.4)
      listen (~> 1.3)
      lumberjack (>= 1.0.2)
      pry (>= 0.9.10)
      thor (>= 0.14.6)
    guard-rake (0.0.9)
      guard
      rake
    guard-shell (0.5.1)
      guard (>= 1.1.0)
    listen (1.3.1)
      rb-fsevent (>= 0.9.3)
      rb-inotify (>= 0.9)
      rb-kqueue (>= 0.2)
    lumberjack (1.0.4)
    method_source (0.8.2)
    mharris_ext (1.7.0)
      facets
      fattr
    overapp (0.3.0)
      andand
      mharris_ext
    pry (0.9.12.2)
      coderay (~> 1.0.5)
      method_source (~> 0.8)
      slop (~> 3.4)
    rake (10.1.0)
    rb-fsevent (0.9.3)
    rb-inotify (0.9.2)
      ffi (>= 0.5.0)
    rb-kqueue (0.2.0)
      ffi (>= 0.5.0)
    rb-readline (0.5.0)
    slop (3.4.6)
    thor (0.18.1)

PLATFORMS
  ruby

DEPENDENCIES
  coffee_short_get
  guard (~> 1.4)
  guard-rake
  guard-shell
  mharris_ext
  overapp (>= 0.3.0)
  rake
  rb-fsevent (~> 0.9)
  rb-readline
